GEM
  remote: https://rubygems.org/
  specs:
    byebug (11.1.3)
    dotenv (2.7.6)
    httparty (0.18.1)
      mime-types (~> 3.0)
      multi_xml (>= 0.5.2)
    mime-types (3.3.1)
      mime-types-data (~> 3.2015)
    mime-types-data (3.2020.1104)
    multi_xml (0.6.0)
    sequel (5.41.0)
    sequel-annotate (1.6.0)
      sequel (>= 4)
    yaml (0.1.1)

PLATFORMS
  ruby

DEPENDENCIES
  byebug
  dotenv
  httparty
  sequel (~> 5.41.0)
  sequel-annotate
  yaml

RUBY VERSION
   ruby 3.0.0p0

BUNDLED WITH
   1.17.2
