GEM
  remote: https://rubygems.org/
  specs:
    byebug (11.1.3)
    dotenv (2.7.6)
    sequel (5.41.0)
    sequel-annotate (1.6.0)
      sequel (>= 4)
    yaml (0.1.1)

PLATFORMS
  ruby

DEPENDENCIES
  byebug
  dotenv
  sequel (~> 5.41.0)
  sequel-annotate
  yaml

RUBY VERSION
   ruby 3.0.0p0

BUNDLED WITH
   1.17.2
